PATH
  remote: .
  specs:
    hwmon (0.1.0)

GEM
  remote: https://rubygems.org/
  specs:

PLATFORMS
  ruby

DEPENDENCIES
  hwmon!

BUNDLED WITH
   1.17.1
